GIT
  remote: https://github.com/benburkert/thinicorn
  revision: adcd8bcee405e8c9fc853343c0fe70366e4d0b8c
  specs:
    thinicorn (0.0.0)
      posix-spawn
      thin

GIT
  remote: https://github.com/eventmachine/eventmachine
  revision: 848638c2759dcee4eb53b08358a779bb8553ae32
  specs:
    eventmachine (1.0.3)

PATH
  remote: .
  specs:
    htttee (0.6.0)
      rack-client (>= 0.4.2)
      trollop

GEM
  remote: http://rubygems.org/
  specs:
    addressable (2.3.5)
    daemons (1.1.9)
    diff-lcs (1.2.4)
    em-redis (0.3.0)
      eventmachine
    faraday (0.8.8)
      multipart-post (~> 1.2.0)
    multipart-post (1.2.0)
    octokit (2.2.0)
      sawyer (~> 0.5.1)
    posix-spawn (0.3.6)
    rack (1.5.2)
    rack-client (0.4.2)
      rack (>= 1.0.0)
    rack-mux (0.1.2)
      rack
    rack-protection (1.5.0)
      rack
    rake (10.1.0)
    rspec (2.14.1)
      rspec-core (~> 2.14.0)
      rspec-expectations (~> 2.14.0)
      rspec-mocks (~> 2.14.0)
    rspec-core (2.14.5)
    rspec-expectations (2.14.3)
      diff-lcs (>= 1.1.3, < 2.0)
    rspec-mocks (2.14.3)
    sawyer (0.5.1)
      addressable (~> 2.3.5)
      faraday (~> 0.8, < 0.10)
    sinatra (1.4.3)
      rack (~> 1.4)
      rack-protection (~> 1.4)
      tilt (~> 1.3, >= 1.3.4)
    sinatra_auth_github (1.0.0)
      sinatra (~> 1.0)
      warden-github (~> 1.0)
    thin (1.6.0)
      daemons (>= 1.0.9)
      eventmachine (>= 1.0.0)
      rack (>= 1.5.0)
    tilt (1.4.1)
    trollop (2.0)
    warden (1.2.3)
      rack (>= 1.0)
    warden-github (1.0.0)
      octokit (> 2.1.0)
      warden (> 1.0)
    yajl-ruby (1.1.0)

PLATFORMS
  ruby

DEPENDENCIES
  em-redis
  eventmachine!
  htttee!
  rack-mux
  rake
  rspec
  sinatra
  sinatra_auth_github
  thin
  thinicorn!
  yajl-ruby
